GEM
  remote: http://rubygems.org/
  specs:
    actionmailer (2.3.8)
      actionpack (= 2.3.8)
    actionpack (2.3.8)
      activesupport (= 2.3.8)
      rack (~> 1.1.0)
    activerecord (2.3.8)
      activesupport (= 2.3.8)
    activeresource (2.3.8)
      activesupport (= 2.3.8)
    activesupport (2.3.8)
    addressable (2.2.6)
    builder (3.0.0)
    capybara (1.1.1)
      mime-types (>= 1.16)
      nokogiri (>= 1.3.3)
      rack (>= 1.0.0)
      rack-test (>= 0.5.4)
      selenium-webdriver (~> 2.0)
      xpath (~> 0.1.4)
    childprocess (0.3.0)
      ffi (~> 1.0.6)
    cucumber (1.1.0)
      builder (>= 2.1.2)
      diff-lcs (>= 1.1.2)
      gherkin (~> 2.5.0)
      json (>= 1.4.6)
      term-ansicolor (>= 1.0.6)
    cucumber-rails (0.3.2)
      cucumber (>= 0.8.0)
    daemons (1.1.4)
    database_cleaner (0.7.1)
    diff-lcs (1.1.3)
    domainatrix (0.0.10)
      addressable
    eventmachine (0.12.10)
    ffi (1.0.11)
    gherkin (2.5.4)
      json (>= 1.4.6)
    hobo (1.0.3)
      hobofields (= 1.0.3)
      hobosupport (= 1.0.3)
      rails (>= 2.2.2, < 3.0.0)
      will_paginate (~> 2, >= 2.3.11)
    hobofields (1.0.3)
      hobosupport (= 1.0.3)
      rails (>= 2.2.2, < 3.0.0)
    hobosupport (1.0.3)
    json (1.6.5)
    lazy_high_charts (1.1.5)
      bundler (~> 1.0)
    mime-types (1.17.2)
    multi_json (1.0.4)
    mysql (2.8.1)
    nokogiri (1.4.4)
    pdftohtmlr (0.4.1)
      nokogiri (>= 1.3.3)
    pickle (0.4.10)
      cucumber (>= 0.8)
      rake
    rack (1.1.3)
    rack-test (0.6.1)
      rack (>= 1.0)
    rails (2.3.8)
      actionmailer (= 2.3.8)
      actionpack (= 2.3.8)
      activerecord (= 2.3.8)
      activeresource (= 2.3.8)
      activesupport (= 2.3.8)
      rake (>= 0.8.3)
    rake (0.9.2.2)
    rubyzip (0.9.5)
    selenium-webdriver (2.17.0)
      childprocess (>= 0.2.5)
      ffi (~> 1.0.9)
      multi_json (~> 1.0.4)
      rubyzip
    spork (0.8.5)
    term-ansicolor (1.0.7)
    thin (1.2.11)
      daemons (>= 1.0.9)
      eventmachine (>= 0.12.6)
      rack (>= 1.0.0)
    tlsmail (0.0.1)
    will_paginate (2.3.16)
    xpath (0.1.4)
      nokogiri (~> 1.3)

PLATFORMS
  ruby

DEPENDENCIES
  capybara (= 1.1.1)
  cucumber (= 1.1.0)
  cucumber-rails (= 0.3.2)
  database_cleaner
  domainatrix
  hobo (= 1.0.3)
  lazy_high_charts
  mysql
  nokogiri
  pdftohtmlr
  pickle
  rails (= 2.3.8)
  spork (= 0.8.5)
  thin
  tlsmail
